GEM
  remote: http://rubygems.org/
  specs:
    git (1.2.5)
    json (1.6.5)
    json (1.6.5-java)
    nokogiri (1.5.2)
    nokogiri (1.5.2-java)

PLATFORMS
  java
  ruby

DEPENDENCIES
  git
  json
  nokogiri
