GEM
  remote: http://rubygems.org/
  specs:
    git (1.2.5)
    nokogiri (1.5.0)
    nokogiri (1.5.0-java)

PLATFORMS
  java
  ruby

DEPENDENCIES
  git
  nokogiri
